GEM
  remote: https://rubygems.org/
  specs:
    json (1.8.6)

PLATFORMS
  ruby

DEPENDENCIES
  json

BUNDLED WITH
   1.14.3
