GEM
  remote: https://rubygems.org/
  specs:
    chunky_png (1.3.8)
    color (1.8)
    json (1.8.6)
    pdf-writer (1.1.8)
      color (>= 1.4.0)
      transaction-simple (~> 1.3)
    transaction-simple (1.4.0.2)

PLATFORMS
  ruby

DEPENDENCIES
  chunky_png
  json
  pdf-writer

BUNDLED WITH
   1.14.3
